GEM
  remote: https://rubygems.org/
  specs:
    colorator (0.1)
    ffi (1.9.25)
    ffi (1.9.25-x86-mingw32)
    jekyll (3.1.6)
      colorator (~> 0.1)
      jekyll-sass-converter (~> 1.0)
      jekyll-watch (~> 1.1)
      kramdown (~> 1.3)
      liquid (~> 3.0)
      mercenary (~> 0.3.3)
      rouge (~> 1.7)
      safe_yaml (~> 1.0)
    jekyll-paginate (1.1.0)
    jekyll-sass-converter (1.5.2)
      sass (~> 3.4)
    jekyll-watch (1.5.1)
      listen (~> 3.0)
    kramdown (1.6.0)
    liquid (3.0.6)
    listen (3.1.5)
      rb-fsevent (~> 0.9, >= 0.9.4)
      rb-inotify (~> 0.9, >= 0.9.7)
      ruby_dep (~> 1.2)
    mercenary (0.3.6)
    multi_json (1.13.1)
    pygments.rb (1.2.1)
      multi_json (>= 1.0.0)
    rake (11.3.0)
    rb-fsevent (0.10.3)
    rb-inotify (0.9.10)
      ffi (>= 0.5.0, < 2)
    rouge (1.11.1)
    ruby_dep (1.5.0)
    safe_yaml (1.0.4)
    sass (3.4.25)
    scss_lint (0.48.0)
      rake (>= 0.9, < 12)
      sass (~> 3.4.15)

PLATFORMS
  ruby
  x86-mingw32

DEPENDENCIES
  jekyll (~> 3.1.4)
  jekyll-paginate (~> 1.1.0)
  kramdown
  pygments.rb (= 1.2.1)
  sass (~> 3.4.22)
  scss_lint (~> 0.48.0)

BUNDLED WITH
   1.16.1
